GEM
  remote: https://rubygems.org/
  specs:
    ffi (1.9.3)
    ffi-rzmq (1.0.3)
      ffi
    sqlite3 (1.3.8)
    webrick (1.3.1)
    zeromqrb (0.1.1)
      ffi-rzmq (~> 1.0)

PLATFORMS
  ruby

DEPENDENCIES
  sqlite3
  webrick
  zeromqrb
