GEM
  remote: https://rubygems.org/
  specs:
    ffi (1.9.6)
    ffi-rzmq (2.0.1)
      ffi-rzmq-core (>= 1.0.1)
    ffi-rzmq-core (1.0.3)
      ffi (~> 1.9)
    json (1.8.1)
    sqlite3 (1.3.9)
    webrick (1.3.1)
    zeromqrb (0.1.3)
      ffi-rzmq

PLATFORMS
  ruby

DEPENDENCIES
  json
  sqlite3
  webrick
  zeromqrb
